PATH
  remote: .
  specs:
    ember_script (0.0.3)
      tilt

GEM
  remote: http://rubygems.org/
  specs:
    diff-lcs (1.1.3)
    rspec (2.12.0)
      rspec-core (~> 2.12.0)
      rspec-expectations (~> 2.12.0)
      rspec-mocks (~> 2.12.0)
    rspec-core (2.12.1)
    rspec-expectations (2.12.0)
      diff-lcs (~> 1.1.3)
    rspec-mocks (2.12.0)
    tilt (1.3.3)

PLATFORMS
  ruby

DEPENDENCIES
  ember_script!
  rspec
